PATH
  remote: .
  specs:
    arborist (0.1.0)
      activesupport (> 3.0)
      jwt (= 2.2.1)

GEM
  remote: https://rubygems.org/
  specs:
    activesupport (3.2.22.5)
      i18n (~> 0.6, >= 0.6.4)
      multi_json (~> 1.0)
    concurrent-ruby (1.1.6)
    i18n (0.9.5)
      concurrent-ruby (~> 1.0)
    jwt (2.2.1)
    minitest (5.0.0)
    multi_json (1.15.0)
    rake (12.0.0)

PLATFORMS
  ruby

DEPENDENCIES
  arborist!
  minitest (= 5.0)
  rake (= 12.0)

BUNDLED WITH
   2.1.4
